GEM
  remote: https://rubygems.org/
  specs:
    kgio (2.9.2)
    prefork_engine (0.0.5)
      proc-wait3 (~> 1.7.2)
    proc-wait3 (1.7.2)
    rack (1.6.0)
    raindrops (0.13.0)
    rhebok (0.2.1)
      prefork_engine (>= 0.0.4)
      rack
    unicorn (4.8.3)
      kgio (~> 2.6)
      rack
      raindrops (~> 0.7)

PLATFORMS
  ruby

DEPENDENCIES
  rhebok
  unicorn
